PATH
  remote: .
  specs:
    kiba-zuora (0.1.0)
      kiba

GEM
  remote: https://rubygems.org/
  specs:
    kiba (2.0.0)
    minitest (5.11.3)
    rake (10.5.0)

PLATFORMS
  ruby

DEPENDENCIES
  bundler (~> 1.16)
  kiba-zuora!
  minitest (~> 5.0)
  rake (~> 10.0)

BUNDLED WITH
   1.16.2
